GEM
  remote: https://rubygems.org/
  specs:
    byebug (8.2.4)
    power_assert (0.2.6)
    rake (10.4.2)
    test-unit (3.1.5)
      power_assert

PLATFORMS
  ruby

DEPENDENCIES
  byebug
  rake
  test-unit

BUNDLED WITH
   1.11.2
